GEM
  remote: https://rubygems.org/
  remote: http://gems.github.com/
  specs:
    pdf-core (0.6.1)
    prawn (2.1.0)
      pdf-core (~> 0.6.1)
      ttfunk (~> 1.4.0)
    rack (1.6.4)
    rack-protection (1.5.3)
      rack
    sbfaulkner-sinatra-prawn (0.9.2.1)
      prawn
    sinatra (1.4.6)
      rack (~> 1.4)
      rack-protection (~> 1.4)
      tilt (>= 1.3, < 3)
    tilt (2.0.1)
    ttfunk (1.4.0)

PLATFORMS
  ruby

DEPENDENCIES
  sbfaulkner-sinatra-prawn
  sinatra

RUBY VERSION
   ruby 2.3.1p112

BUNDLED WITH
   1.12.4
